PATH
  remote: .
  specs:
    jext (0.0.1)
      faraday_middleware
      her

GEM
  remote: https://rubygems.org/
  specs:
    activemodel (3.2.12)
      activesupport (= 3.2.12)
      builder (~> 3.0.0)
    activesupport (3.2.12)
      i18n (~> 0.6)
      multi_json (~> 1.0)
    builder (3.0.4)
    faraday (0.8.6)
      multipart-post (~> 1.1)
    faraday_middleware (0.9.0)
      faraday (>= 0.7.4, < 0.9)
    her (0.5.1)
      activemodel (>= 3.0.0)
      activesupport (>= 3.0.0)
      faraday (~> 0.8)
      multi_json (~> 1.5)
    i18n (0.6.4)
    multi_json (1.6.1)
    multipart-post (1.2.0)
    rake (10.0.3)

PLATFORMS
  ruby

DEPENDENCIES
  jext!
  rake
